GEM
  specs:
    sqlite3 (1.3.9)

PLATFORMS
  ruby

DEPENDENCIES
  sqlite3

BUNDLED WITH
   1.11.2
